GEM
  remote: https://rubygems.org/
  specs:
    escape_utils (1.1.0)
    hamlit (1.7.2)
      escape_utils
      temple (~> 0.7.6)
      thor
      tilt
    rake (10.4.2)
    sass (3.4.16)
    temple (0.7.6)
    thor (0.19.1)
    tilt (2.0.1)

PLATFORMS
  ruby

DEPENDENCIES
  hamlit
  rake
  sass

BUNDLED WITH
   1.10.6
